GEM
  remote: https://rubygems.org/
  specs:
    artii (2.0.1)
    highline (1.6.2)
    ruby-termios (0.9.6)

PLATFORMS
  ruby

DEPENDENCIES
  artii
  highline
  ruby-termios
  win32console

BUNDLED WITH
   1.12.5
