GEM
  remote: http://rubygems.org/
  specs:
    git (1.2.5)
    highline (1.6.2)
    jeweler (1.6.4)
      bundler (~> 1.0)
      git (>= 1.2.5)
      rake
    rake (0.9.2)
    ruby-termios (0.9.6)

PLATFORMS
  ruby

DEPENDENCIES
  highline
  jeweler (~> 1.6.0)
  ruby-termios
  win32console
